GEM
  remote: https://rubygems.org/
  specs:
    mecab (0.996)

PLATFORMS
  ruby

DEPENDENCIES
  mecab

BUNDLED WITH
   2.1.4
