GEM
  remote: https://rubygems.org/
  specs:
    ffi (1.13.1)
    natto (1.2.0)
      ffi (>= 1.9.0)

PLATFORMS
  ruby

DEPENDENCIES
  natto

BUNDLED WITH
   2.1.4
