GEM
  remote: https://rubygems.org/
  specs:
    addressable (2.7.0)
      public_suffix (>= 2.0.2, < 5.0)
    aws_iot_device (1.0.0)
      facets (~> 3.1.0, >= 3.1.0)
      json (~> 2.0.2, >= 2.0.2)
      paho-mqtt (~> 1.0.0, >= 1.0.0)
      timers (~> 4.1.1, >= 4.1.1)
    buftok (0.2.0)
    domain_name (0.5.20190701)
      unf (>= 0.0.5, < 1.0.0)
    dotenv (2.7.6)
    equalizer (0.0.11)
    facets (3.1.0)
    ffi (1.13.1)
    ffi-compiler (1.0.1)
      ffi (>= 1.0.0)
      rake
    hitimes (2.0.0)
    http (4.4.1)
      addressable (~> 2.3)
      http-cookie (~> 1.0)
      http-form_data (~> 2.2)
      http-parser (~> 1.2.0)
    http-cookie (1.0.3)
      domain_name (~> 0.5)
    http-form_data (2.3.0)
    http-parser (1.2.1)
      ffi-compiler (>= 1.0, < 2.0)
    http_parser.rb (0.6.0)
    json (2.0.4)
    memoizable (0.4.2)
      thread_safe (~> 0.3, >= 0.3.1)
    multipart-post (2.1.1)
    natto (1.2.0)
      ffi (>= 1.9.0)
    naught (1.1.0)
    paho-mqtt (1.0.12)
    public_suffix (4.0.5)
    rake (13.0.1)
    simple_oauth (0.3.1)
    thread_safe (0.3.6)
    timers (4.1.2)
      hitimes
    twitter (7.0.0)
      addressable (~> 2.3)
      buftok (~> 0.2.0)
      equalizer (~> 0.0.11)
      http (~> 4.0)
      http-form_data (~> 2.0)
      http_parser.rb (~> 0.6.0)
      memoizable (~> 0.4.0)
      multipart-post (~> 2.0)
      naught (~> 1.0)
      simple_oauth (~> 0.3.0)
    unf (0.1.4)
      unf_ext
    unf_ext (0.0.7.7)

PLATFORMS
  ruby

DEPENDENCIES
  aws_iot_device
  dotenv
  natto
  paho-mqtt
  twitter

BUNDLED WITH
   2.1.4
